GEM
  remote: http://rubygems.org/
  specs:
    active_support (3.0.0)
      activesupport (= 3.0.0)
    activesupport (3.0.0)
    dalli (1.0.5)
    json (1.5.3)
    nokogiri (1.5.0)
    rack (1.3.2)
    shotgun (0.9)
      rack (>= 1.0)
    sinatra (1.2.6)
      rack (~> 1.1)
      tilt (< 2.0, >= 1.2.2)
    sinatra-respond_to (0.7.0)
      sinatra (~> 1.2)
    tilt (1.3.2)

PLATFORMS
  ruby

DEPENDENCIES
  active_support
  dalli
  json
  nokogiri
  shotgun
  sinatra
  sinatra-respond_to
